GEM
  remote: https://rubygems.org/
  specs:
    minitest (5.18.0)
    rake (13.0.1)

PLATFORMS
  ruby

DEPENDENCIES
  minitest (~> 5.13)
  rake (= 13.0.1)

RUBY VERSION
   ruby 2.7.5p203

BUNDLED WITH
   2.1.4
