GEM
  remote: https://rubygems.org/
  specs:
    pg (1.5.3)

PLATFORMS
  ruby

DEPENDENCIES
  pg

RUBY VERSION
   ruby 2.7.5p203

BUNDLED WITH
   2.1.4
